GEM
  remote: https://rubygems.org/
  specs:
    byebug (11.1.3)
    fftw3 (0.3)
      narray
    narray (0.6.1.2)

PLATFORMS
  ruby

DEPENDENCIES
  byebug
  fftw3

RUBY VERSION
   ruby 3.0.2p107

BUNDLED WITH
   2.2.22
